GEM
  specs:
    activesupport (8.0.2)
      base64
      benchmark (>= 0.3)
      bigdecimal
      concurrent-ruby (~> 1.0, >= 1.3.1)
      connection_pool (>= 2.2.5)
      drb
      i18n (>= 1.6, < 2)
      logger (>= 1.4.2)
      minitest (>= 5.1)
      securerandom (>= 0.3)
      tzinfo (~> 2.0, >= 2.0.5)
      uri (>= 0.13.1)
    ast (2.4.3)
    base64 (0.2.0)
    benchmark (0.4.0)
    bigdecimal (3.1.9)
    concurrent-ruby (1.3.5)
    connection_pool (2.5.1)
    diff-lcs (1.6.2)
    drb (2.2.1)
    graphql (2.0.32)
      base64
    graphql-batch (0.6.0)
      graphql (>= 1.12.18, < 3)
      promise.rb (~> 0.7.2)
    graphql-client (0.25.0)
      activesupport (>= 3.0)
      graphql (>= 1.13.0)
    graphql-fragment_cache (1.20.5)
      graphql (>= 2.0.0)
      ruby-next (>= 0.15.0)
    i18n (1.14.7)
      concurrent-ruby (~> 1.0)
    logger (1.7.0)
    minitest (5.25.5)
    paco (0.2.3)
    parser (3.3.8.0)
      ast (~> 2.4.1)
      racc
    promise.rb (0.7.4)
    racc (1.8.1)
    require-hooks (0.2.2)
    ruby-next (1.1.1)
      paco (~> 0.2)
      require-hooks (~> 0.2)
      ruby-next-core (= 1.1.1)
      ruby-next-parser (>= 3.4.0.2)
      unparser (~> 0.6.0)
    ruby-next-core (1.1.1)
    ruby-next-parser (3.4.0.2)
      parser (>= 3.0.3.1)
    securerandom (0.4.1)
    tzinfo (2.0.6)
      concurrent-ruby (~> 1.0)
    unparser (0.6.15)
      diff-lcs (~> 1.3)
      parser (>= 3.3.0)
    uri (1.0.3)

PLATFORMS
  arm64-darwin-23
  ruby

DEPENDENCIES
  graphql (~> 2.0.27)
  graphql-batch
  graphql-client
  graphql-fragment_cache

BUNDLED WITH
   2.5.23
